GEM
  remote: https://rubygems.org/
  specs:
    mini_portile (0.6.2)
    rack (1.6.4)
    seg (0.0.1)
    syro (1.1.0)
      rack (~> 1.6.0)
      seg
    tiny_tds (0.7.0)
      mini_portile (= 0.6.2)

PLATFORMS
  ruby

DEPENDENCIES
  syro
  tiny_tds

BUNDLED WITH
   1.10.6
