GEM
  remote: https://rubygems.org/
  specs:
    bigdecimal (1.2.6)
    bundler (1.10.6, 1.9.9)
    bundler-unload (1.0.2)
    debase (0.1.4)
      debase-ruby_core_source
    debase-ruby_core_source (0.8.0)
    dep (1.1.0)
    executable-hooks (1.3.2)
    gem-wrappers (1.2.7)
    gemfile (0.0.2)
    gemset (0.2.1)
    io-console (0.4.3)
    json (1.8.1)
    mini_portile (0.6.2)
    psych (2.0.8)
    rack (1.6.4)
    rake (10.4.2)
    rdoc (4.2.0)
    ruby-debug-ide (0.4.32)
      rake
    rubygems-bundler (1.4.4)
      bundler-unload
      executable-hooks
    rvm (1.11.3.9)
    seg (0.0.1)
    shotgun (0.9.1)
      rack
    syro (1.1.0)
      rack
      seg
    tiny_tds (0.7.0)
      mini_portile
PLATFORMS
  ruby

DEPENDENCIES
  syro (= 1.1.0)
  tiny_tds (= 0.7.0)
